PATH
  remote: .
  specs:
    business_time (0.8.0)
      activesupport (~> 4.2.8)
      tzinfo

GEM
  remote: https://rubygems.org/
  specs:
    activesupport (4.2.8)
      i18n (~> 0.7)
      minitest (~> 5.1)
      thread_safe (~> 0.3, >= 0.3.4)
      tzinfo (~> 1.1)
    i18n (0.8.1)
    minitest (5.10.1)
    minitest-rg (5.2.0)
      minitest (~> 5.0)
    rake (12.0.0)
    rdoc (5.1.0)
    thread_safe (0.3.6)
    tzinfo (1.2.3)
      thread_safe (~> 0.1)

PLATFORMS
  ruby

DEPENDENCIES
  business_time!
  minitest
  minitest-rg
  rake
  rdoc

BUNDLED WITH
   1.14.6
