PATH
  remote: .
  specs:
    business_time (0.7.0)
      activesupport (>= 3.1.0)
      tzinfo

GEM
  remote: https://rubygems.org/
  specs:
    activesupport (3.2.16)
      i18n (~> 0.6, >= 0.6.4)
      multi_json (~> 1.0)
    atomic (1.1.14)
    i18n (0.6.9)
    json (1.8.1)
    minitest (5.2.2)
    minitest-rg (5.0.0)
      minitest (~> 5.0)
    multi_json (1.8.4)
    rake (10.1.1)
    rdoc (4.1.1)
      json (~> 1.4)
    thread_safe (0.1.3)
      atomic
    tzinfo (1.1.0)
      thread_safe (~> 0.1)

PLATFORMS
  ruby

DEPENDENCIES
  business_time!
  minitest
  minitest-rg
  rake
  rdoc
