PATH
  remote: .
  specs:
    business_time (0.6.2)
      activesupport (>= 3.1.0)
      tzinfo (~> 1.1.0)

GEM
  remote: https://rubygems.org/
  specs:
    activesupport (3.2.13)
      i18n (= 0.6.1)
      multi_json (~> 1.0)
    atomic (1.1.14)
    i18n (0.6.1)
    json (1.7.7)
    minitest (5.2.0)
    minitest-rg (5.0.0)
      minitest (~> 5.0)
    multi_json (1.7.2)
    rake (10.0.4)
    rdoc (4.0.0)
      json (~> 1.4)
    thread_safe (0.1.3)
      atomic
    tzinfo (1.1.0)
      thread_safe (~> 0.1)

PLATFORMS
  ruby

DEPENDENCIES
  business_time!
  minitest
  minitest-rg
  rake
  rdoc
