PATH
  remote: .
  specs:
    business_time (0.7.6)
      activesupport (>= 3.1.0)
      tzinfo

GEM
  remote: https://rubygems.org/
  specs:
    activesupport (5.0.1)
      concurrent-ruby (~> 1.0, >= 1.0.2)
      i18n (~> 0.7)
      minitest (~> 5.1)
      tzinfo (~> 1.1)
    concurrent-ruby (1.0.4)
    i18n (0.7.0)
    minitest (5.10.1)
    minitest-rg (5.1.0)
      minitest (~> 5.0)
    rake (10.4.2)
    rdoc (5.0.0)
    thread_safe (0.3.5)
    tzinfo (1.2.2)
      thread_safe (~> 0.1)

PLATFORMS
  ruby

DEPENDENCIES
  business_time!
  minitest
  minitest-rg
  rake
  rdoc

BUNDLED WITH
   1.13.7
